GEM
  remote: https://rubygems.org/
  specs:
    srs (0.1.1)

PLATFORMS
  ruby

DEPENDENCIES
  srs
